GIT
  remote: https://github.com/byu/rafaday.git
  revision: 80496a854f27cde05f56ce08d5305a59e7e5fe64
  specs:
    rafaday (0.1.0)

GIT
  remote: https://github.com/byu/serf.git
  revision: 4f8a2d71fc8190c47ca0c06370ab96853aca1100
  branch: develop
  specs:
    serf (0.6.1)
      activesupport (>= 3.2.0)
      i18n (>= 0.6.0)
      uuidtools (>= 2.1.2)

GEM
  remote: http://rubygems.org/
  specs:
    activesupport (3.2.1)
      i18n (~> 0.6)
      multi_json (~> 1.0)
    addressable (2.2.6)
    aequitas (0.0.2)
    bcrypt-ruby (3.0.1)
    data_mapper (1.2.0)
      dm-aggregates (~> 1.2.0)
      dm-constraints (~> 1.2.0)
      dm-core (~> 1.2.0)
      dm-migrations (~> 1.2.0)
      dm-serializer (~> 1.2.0)
      dm-timestamps (~> 1.2.0)
      dm-transactions (~> 1.2.0)
      dm-types (~> 1.2.0)
      dm-validations (~> 1.2.0)
    data_objects (0.10.7)
      addressable (~> 2.1)
    diff-lcs (1.1.3)
    dm-aggregates (1.2.0)
      dm-core (~> 1.2.0)
    dm-constraints (1.2.0)
      dm-core (~> 1.2.0)
    dm-core (1.2.0)
      addressable (~> 2.2.6)
    dm-do-adapter (1.2.0)
      data_objects (~> 0.10.6)
      dm-core (~> 1.2.0)
    dm-migrations (1.2.0)
      dm-core (~> 1.2.0)
    dm-serializer (1.2.1)
      dm-core (~> 1.2.0)
      fastercsv (~> 1.5.4)
      json (~> 1.6.1)
      json_pure (~> 1.6.1)
      multi_json (~> 1.0.3)
    dm-sqlite-adapter (1.2.0)
      dm-do-adapter (~> 1.2.0)
      do_sqlite3 (~> 0.10.6)
    dm-timestamps (1.2.0)
      dm-core (~> 1.2.0)
    dm-transactions (1.2.0)
      dm-core (~> 1.2.0)
    dm-types (1.2.1)
      bcrypt-ruby (~> 3.0.0)
      dm-core (~> 1.2.0)
      fastercsv (~> 1.5.4)
      json (~> 1.6.1)
      multi_json (~> 1.0.3)
      stringex (~> 1.3.0)
      uuidtools (~> 2.1.2)
    dm-validations (1.2.0)
      dm-core (~> 1.2.0)
    do_sqlite3 (0.10.7)
      data_objects (= 0.10.7)
    fastercsv (1.5.4)
    git (1.2.5)
    i18n (0.6.0)
    jeweler (1.6.4)
      bundler (~> 1.0)
      git (>= 1.2.5)
      rake
    json (1.6.5)
    json_pure (1.6.5)
    multi_json (1.0.4)
    nokogiri (1.5.0)
    rake (0.9.2.2)
    representable (1.1.1)
      json
      nokogiri
    roar (0.9.2)
      representable (~> 1.1)
    rspec (2.3.0)
      rspec-core (~> 2.3.0)
      rspec-expectations (~> 2.3.0)
      rspec-mocks (~> 2.3.0)
    rspec-core (2.3.1)
    rspec-expectations (2.3.0)
      diff-lcs (~> 1.1.2)
    rspec-mocks (2.3.0)
    simplecov (0.5.4)
      multi_json (~> 1.0.3)
      simplecov-html (~> 0.5.3)
    simplecov-html (0.5.3)
    stringex (1.3.0)
    uuidtools (2.1.2)
    virtus (0.2.0)
    yard (0.6.8)

PLATFORMS
  ruby

DEPENDENCIES
  addressable (~> 2.2.6)
  aequitas (~> 0.0.2)
  bundler (~> 1.0.0)
  data_mapper (~> 1.2.0)
  dm-sqlite-adapter
  jeweler (~> 1.6.4)
  rafaday!
  roar (~> 0.9.2)
  rspec (~> 2.3.0)
  serf!
  simplecov
  virtus (~> 0.2.0)
  yard (~> 0.6.0)
